GEM
  remote: http://rubygems.org/
  specs:
    opengl (0.8.0)

PLATFORMS
  ruby

DEPENDENCIES
  opengl
