PATH
  remote: ../gel
  specs:
    gel (0.0.1)
      opengl

GEM
  remote: http://rubygems.org/
  specs:
    opengl (0.8.0)

PLATFORMS
  ruby

DEPENDENCIES
  gel!
